GEM
  remote: http://rubygems.org/
  specs:
    faraday (0.9.2)
      multipart-post (>= 1.2, < 3)
    faraday_middleware (0.10.0)
      faraday (>= 0.7.4, < 0.10)
    hashie (3.4.6)
    json (1.8.3-java)
    multipart-post (2.0.0)
    restforce (2.4.0)
      faraday (~> 0.9.0)
      faraday_middleware (>= 0.8.8)
      hashie (>= 1.2.0, < 4.0)
      json (>= 1.7.5, < 1.9.0)

PLATFORMS
  java

DEPENDENCIES
  restforce

BUNDLED WITH
   1.11.2
